PATH
  remote: .
  specs:
    Allure RSpec Adaptor (0.1)
      nokogiri
      rspec-steps (~> 0.1.1)
      uuid

GEM
  remote: https://rubygems.org/
  specs:
    diff-lcs (1.2.5)
    macaddr (1.6.1)
      systemu (~> 2.5.0)
    mini_portile (0.5.2)
    nokogiri (1.6.0)
      mini_portile (~> 0.5.0)
    rake (10.1.0)
    rspec (2.13.0)
      rspec-core (~> 2.13.0)
      rspec-expectations (~> 2.13.0)
      rspec-mocks (~> 2.13.0)
    rspec-core (2.13.1)
    rspec-expectations (2.13.0)
      diff-lcs (>= 1.1.3, < 2.0)
    rspec-mocks (2.13.1)
    rspec-steps (0.1.1)
      rspec (>= 2.6, < 2.14.0)
    systemu (2.5.2)
    uuid (2.3.7)
      macaddr (~> 1.0)

PLATFORMS
  ruby

DEPENDENCIES
  Allure RSpec Adaptor!
  bundler
  nokogiri (~> 1.6.0)
  rake
  rspec-steps (~> 0.1.1)
