PATH
  remote: .
  specs:
    allure-rspec (0.5.3)
      allure-ruby-adaptor-api (= 0.6.2)
      rspec (~> 2.14.0)

GEM
  remote: https://rubygems.org/
  specs:
    allure-ruby-adaptor-api (0.6.2)
      mimemagic
      nokogiri (~> 1.6.0)
      rspec (~> 2.14.0)
      uuid
    diff-lcs (1.2.5)
    macaddr (1.7.1)
      systemu (~> 2.6.2)
    mimemagic (0.2.1)
    mini_portile (0.6.0)
    nokogiri (1.6.3.1)
      mini_portile (= 0.6.0)
    rake (10.1.0)
    rspec (2.14.1)
      rspec-core (~> 2.14.0)
      rspec-expectations (~> 2.14.0)
      rspec-mocks (~> 2.14.0)
    rspec-core (2.14.7)
    rspec-expectations (2.14.4)
      diff-lcs (>= 1.1.3, < 2.0)
    rspec-mocks (2.14.4)
    systemu (2.6.4)
    uuid (2.3.7)
      macaddr (~> 1.0)

PLATFORMS
  ruby

DEPENDENCIES
  allure-rspec!
  allure-ruby-adaptor-api (= 0.6.2)
  bundler
  rake
  rspec (~> 2.14.0)
