PATH
  remote: .
  specs:
    allure-rspec (0.6.9)
      allure-ruby-adaptor-api (= 0.6.6)
      rspec (~> 3.2)

GEM
  remote: https://rubygems.org/
  specs:
    allure-ruby-adaptor-api (0.6.6)
      mimemagic
      nokogiri (~> 1.6.0)
      uuid
    diff-lcs (1.2.5)
    macaddr (1.7.1)
      systemu (~> 2.6.2)
    mimemagic (0.2.1)
    mini_portile (0.6.2)
    nokogiri (1.6.6.2)
      mini_portile (~> 0.6.0)
    rake (10.4.2)
    rspec (3.2.0)
      rspec-core (~> 3.2.0)
      rspec-expectations (~> 3.2.0)
      rspec-mocks (~> 3.2.0)
    rspec-core (3.2.0)
      rspec-support (~> 3.2.0)
    rspec-expectations (3.2.0)
      diff-lcs (>= 1.2.0, < 2.0)
      rspec-support (~> 3.2.0)
    rspec-mocks (3.2.0)
      diff-lcs (>= 1.2.0, < 2.0)
      rspec-support (~> 3.2.0)
    rspec-support (3.2.1)
    systemu (2.6.4)
    uuid (2.3.7)
      macaddr (~> 1.0)

PLATFORMS
  ruby

DEPENDENCIES
  allure-rspec!
  bundler
  rake
